GEM
  remote: https://rubygems.org/
  specs:
    jwt (1.5.6)

PLATFORMS
  ruby

DEPENDENCIES
  jwt

RUBY VERSION
   ruby 2.3.3p222

BUNDLED WITH
   1.14.6
